GEM
  remote: https://rubygems.org/
  specs:
    certified (1.0.0)
    colorize (0.8.1)
    httpclient (2.8.0)
    mini_portile2 (2.1.0)
    nokogiri (1.6.8)
      mini_portile2 (~> 2.1.0)
      pkg-config (~> 1.1.7)
    pkg-config (1.1.7)
    terminal-table (1.6.0)

PLATFORMS
  ruby

DEPENDENCIES
  certified
  colorize
  httpclient
  nokogiri
  terminal-table

BUNDLED WITH
   1.12.5
